GEM
  remote: https://rubygems.org/
  specs:
    activesupport (4.2.3)
      i18n (~> 0.7)
      json (~> 1.7, >= 1.7.7)
      minitest (~> 5.1)
      thread_safe (~> 0.3, >= 0.3.4)
      tzinfo (~> 1.1)
    database_cleaner (1.4.1)
    factory_girl (4.5.0)
      activesupport (>= 3.0.0)
    haml (4.0.7)
      tilt
    i18n (0.7.0)
    json (1.8.3)
    minitest (5.8.0)
    pg (0.18.3)
    rack (1.6.4)
    roda (2.6.0)
      rack
    sequel (4.26.0)
    thread_safe (0.3.5)
    tilt (2.0.1)
    tzinfo (1.2.2)
      thread_safe (~> 0.1)

PLATFORMS
  ruby

DEPENDENCIES
  database_cleaner
  factory_girl
  haml
  pg
  roda
  sequel

BUNDLED WITH
   1.10.6
